PATH
  remote: .
  specs:
    flame-menu (0.0.0)
      flame (~> 5.0.0.rc1)

GEM
  remote: https://rubygems.org/
  specs:
    addressable (2.7.0)
      public_suffix (>= 2.0.2, < 5.0)
    ast (2.4.1)
    byebug (11.1.3)
    codecov (0.2.11)
      json
      simplecov
    coderay (1.1.3)
    diff-lcs (1.4.4)
    docile (1.3.2)
    flame (5.0.0.rc5)
      addressable (~> 2.5)
      gorilla_patch (~> 3)
      rack (~> 2)
      thor (~> 0)
      tilt (>= 2.0, < 3)
    gem_toys (0.4.0)
    gorilla_patch (3.2.1)
    json (2.3.1)
    method_source (1.0.0)
    parallel (1.19.2)
    parser (2.7.1.5)
      ast (~> 2.4.1)
    pry (0.13.1)
      coderay (~> 1.1)
      method_source (~> 1.0)
    pry-byebug (3.9.0)
      byebug (~> 11.0)
      pry (~> 0.13.0)
    public_suffix (4.0.6)
    rack (2.2.3)
    rack-test (1.1.0)
      rack (>= 1.0, < 3)
    rainbow (3.0.0)
    regexp_parser (1.8.1)
    rexml (3.2.4)
    rspec (3.9.0)
      rspec-core (~> 3.9.0)
      rspec-expectations (~> 3.9.0)
      rspec-mocks (~> 3.9.0)
    rspec-core (3.9.3)
      rspec-support (~> 3.9.3)
    rspec-expectations (3.9.2)
      diff-lcs (>= 1.2.0, < 2.0)
      rspec-support (~> 3.9.0)
    rspec-mocks (3.9.1)
      diff-lcs (>= 1.2.0, < 2.0)
      rspec-support (~> 3.9.0)
    rspec-support (3.9.3)
    rubocop (0.92.0)
      parallel (~> 1.10)
      parser (>= 2.7.1.5)
      rainbow (>= 2.2.2, < 4.0)
      regexp_parser (>= 1.7)
      rexml
      rubocop-ast (>= 0.5.0)
      ruby-progressbar (~> 1.7)
      unicode-display_width (>= 1.4.0, < 2.0)
    rubocop-ast (0.7.1)
      parser (>= 2.7.1.5)
    rubocop-performance (1.8.1)
      rubocop (>= 0.87.0)
      rubocop-ast (>= 0.4.0)
    rubocop-rspec (1.43.2)
      rubocop (~> 0.87)
    ruby-progressbar (1.10.1)
    simplecov (0.19.0)
      docile (~> 1.1)
      simplecov-html (~> 0.11)
    simplecov-html (0.12.3)
    thor (0.20.3)
    tilt (2.0.10)
    toys (0.11.3)
      toys-core (= 0.11.3)
    toys-core (0.11.3)
    unicode-display_width (1.7.0)

PLATFORMS
  ruby

DEPENDENCIES
  bundler (~> 2.0)
  codecov (~> 0.2.1)
  flame-menu!
  gem_toys (~> 0.4.0)
  pry-byebug (~> 3.9)
  rack-test (~> 1.1)
  rspec (~> 3.9)
  rubocop (~> 0.92.0)
  rubocop-performance (~> 1.0)
  rubocop-rspec (~> 1.43)
  simplecov (~> 0.19.0)
  toys (~> 0.11.0)

BUNDLED WITH
   2.1.4
